PATH
  remote: .
  specs:
    hamlit-haml_io (0.1.0)
      hamlit

GEM
  remote: https://rubygems.org/
  specs:
    diff-lcs (1.3)
    hamlit (2.10.1)
      temple (>= 0.8.2)
      thor
      tilt
    rake (13.0.1)
    rspec (3.9.0)
      rspec-core (~> 3.9.0)
      rspec-expectations (~> 3.9.0)
      rspec-mocks (~> 3.9.0)
    rspec-core (3.9.0)
      rspec-support (~> 3.9.0)
    rspec-expectations (3.9.0)
      diff-lcs (>= 1.2.0, < 2.0)
      rspec-support (~> 3.9.0)
    rspec-mocks (3.9.0)
      diff-lcs (>= 1.2.0, < 2.0)
      rspec-support (~> 3.9.0)
    rspec-support (3.9.0)
    temple (0.8.2)
    thor (0.20.3)
    tilt (2.0.10)

PLATFORMS
  ruby

DEPENDENCIES
  bundler
  hamlit-haml_io!
  rake
  rspec

BUNDLED WITH
   2.1.0.pre.3
